PATH
  remote: .
  specs:
    simple-ui (0.3.0)

GEM
  remote: http://rubygems.org/
  specs:
    metaclass (0.0.1)
    mocha (0.13.1)
      metaclass (~> 0.0.1)
    multi_json (1.5.0)
    rake (10.1.1)
    simplecov (0.7.1)
      multi_json (~> 1.0)
      simplecov-html (~> 0.7.1)
    simplecov-html (0.7.1)
    test-unit (2.5.3)

PLATFORMS
  ruby

DEPENDENCIES
  mocha
  rake
  simple-ui!
  simplecov
  test-unit

BUNDLED WITH
   1.13.6
