PATH
  remote: .
  specs:
    simple-ui (0.1.1)
      expectation
      sinatra

GEM
  remote: http://rubygems.org/
  specs:
    expectation (0.2.0)
    metaclass (0.0.1)
    mocha (0.13.1)
      metaclass (~> 0.0.1)
    multi_json (1.5.0)
    rack (1.4.1)
    rack-protection (1.3.2)
      rack
    rake (10.0.3)
    simplecov (0.7.1)
      multi_json (~> 1.0)
      simplecov-html (~> 0.7.1)
    simplecov-html (0.7.1)
    sinatra (1.3.3)
      rack (~> 1.3, >= 1.3.6)
      rack-protection (~> 1.2)
      tilt (~> 1.3, >= 1.3.3)
    test-unit (2.5.3)
    tilt (1.3.3)

PLATFORMS
  ruby

DEPENDENCIES
  mocha
  rake
  simple-ui!
  simplecov
  test-unit
